GIT
  remote: git://github.com/dapi/stateful_link.git
  revision: 94accfe95aa0302c809d5fc2918816d874e86361
  specs:
    stateful_link (0.0.1)
      rails (>= 3.0.0)

GIT
  remote: git://github.com/plataformatec/devise.git
  revision: ab033ea986897c600658fc6f2245e1e7d7bfa514
  branch: omniauth
  specs:
    devise (1.2.rc)
      bcrypt-ruby (~> 2.1.2)
      orm_adapter (~> 0.0.2)
      warden (~> 1.0.0)

GIT
  remote: https://github.com/demersus/formtastic_datepicker_inputs.git
  revision: 34a042ba4fcae1d9e8781bae360f53ae1f3b6928
  specs:
    formtastic_datepicker_inputs (1.0.0)
      actionpack (>= 2.3.7)
      activesupport (>= 2.3.7)
      formtastic
      i18n (>= 0.4.0)

GIT
  remote: https://github.com/dima4p/russian.git
  revision: 0af1e31cbec3a7907c17364453a0a8b0f64a0c4a
  specs:
    russian (0.2.8.pre)

GEM
  remote: http://rubygems.org/
  specs:
    abstract (1.0.0)
    actionmailer (3.0.3)
      actionpack (= 3.0.3)
      mail (~> 2.2.9)
    actionpack (3.0.3)
      activemodel (= 3.0.3)
      activesupport (= 3.0.3)
      builder (~> 2.1.2)
      erubis (~> 2.6.6)
      i18n (~> 0.4)
      rack (~> 1.2.1)
      rack-mount (~> 0.6.13)
      rack-test (~> 0.5.6)
      tzinfo (~> 0.3.23)
    activemodel (3.0.3)
      activesupport (= 3.0.3)
      builder (~> 2.1.2)
      i18n (~> 0.4)
    activerecord (3.0.3)
      activemodel (= 3.0.3)
      activesupport (= 3.0.3)
      arel (~> 2.0.2)
      tzinfo (~> 0.3.23)
    activeresource (3.0.3)
      activemodel (= 3.0.3)
      activesupport (= 3.0.3)
    activesupport (3.0.3)
    annotate (2.4.0)
    arel (2.0.7)
    bcrypt-ruby (2.1.4)
    builder (2.1.2)
    cancan (1.5.1)
    columnize (0.3.2)
    compass (0.10.6)
      haml (>= 3.0.4)
    daemon_controller (0.2.5)
    diff-lcs (1.1.2)
    erubis (2.6.6)
      abstract (>= 1.0.0)
    factory_girl (1.3.3)
    factory_girl_generator (0.0.1)
    factory_girl_rails (1.0.1)
      factory_girl (~> 1.3)
      railties (>= 3.0.0)
    formtastic (1.2.3)
      actionpack (>= 2.3.7)
      activesupport (>= 2.3.7)
      i18n (~> 0.4)
    haml (3.0.25)
    haml-rails (0.3.4)
      actionpack (~> 3.0)
      activesupport (~> 3.0)
      haml (~> 3.0)
      railties (~> 3.0)
    has_scope (0.5.0)
    hoptoad_notifier (2.4.5)
      activesupport
      builder
    hpricot (0.8.3)
    i18n (0.5.0)
    img_gravatar (0.2.1)
    inherited_resources (1.2.1)
      has_scope (~> 0.5.0)
      responders (~> 0.6.0)
    jquery-rails (0.2.7)
      rails (~> 3.0)
      thor (~> 0.14.4)
    linecache (0.43)
    loop_dance (0.4.6)
      activesupport (>= 3.0)
      daemon_controller (>= 0.2.5)
      i18n
    mail (2.2.15)
      activesupport (>= 2.3.6)
      i18n (>= 0.4.0)
      mime-types (~> 1.16)
      treetop (~> 1.4.8)
    mime-types (1.16)
    nifty-generators (0.4.4)
    oa-core (0.1.6)
      rack (~> 1.1)
    open4 (0.9.6)
    orm_adapter (0.0.4)
    paperclip (2.3.8)
      activerecord
      activesupport
    pg (0.10.1)
    polyglot (0.3.1)
    rack (1.2.1)
    rack-mount (0.6.13)
      rack (>= 1.0.0)
    rack-test (0.5.7)
      rack (>= 1.0)
    rails (3.0.3)
      actionmailer (= 3.0.3)
      actionpack (= 3.0.3)
      activerecord (= 3.0.3)
      activeresource (= 3.0.3)
      activesupport (= 3.0.3)
      bundler (~> 1.0)
      railties (= 3.0.3)
    rails-settings-cached (0.1.2)
      rails (>= 3.0.0)
    railties (3.0.3)
      actionpack (= 3.0.3)
      activesupport (= 3.0.3)
      rake (>= 0.8.7)
      thor (~> 0.14.4)
    rake (0.8.7)
    rake-remote_task (2.0.2)
      open4 (~> 0.9.0)
      rake (~> 0.8.0)
    rcov (0.9.9)
    responders (0.6.2)
    rspec (2.5.0)
      rspec-core (~> 2.5.0)
      rspec-expectations (~> 2.5.0)
      rspec-mocks (~> 2.5.0)
    rspec-core (2.5.1)
    rspec-expectations (2.5.0)
      diff-lcs (~> 1.1.2)
    rspec-mocks (2.5.0)
    rspec-rails (2.5.0)
      actionpack (~> 3.0)
      activesupport (~> 3.0)
      railties (~> 3.0)
      rspec (~> 2.5.0)
    ruby-debug (0.10.4)
      columnize (>= 0.1)
      ruby-debug-base (~> 0.10.4.0)
    ruby-debug-base (0.10.4)
      linecache (>= 0.3)
    ruby_parser (2.0.5)
      sexp_processor (~> 3.0)
    sexp_processor (3.0.5)
    shoulda (2.11.3)
    simple_form (1.3.0)
      rails (~> 3.0.0)
    state_machine (0.9.4)
    steak (1.1.0)
      rspec (>= 1.3)
    thor (0.14.6)
    treetop (1.4.9)
      polyglot (>= 0.3.1)
    tzinfo (0.3.24)
    vlad (2.1.0)
      open4 (~> 0.9.0)
      rake (~> 0.8.0)
      rake-remote_task (~> 2.0)
    vlad-git (2.2.0)
      vlad (>= 2.1.0)
    vlad-nginx (1.0.0)
      vlad (~> 2)
    warden (1.0.3)
      rack (>= 1.0.0)
    wirble (0.1.3)

PLATFORMS
  ruby

DEPENDENCIES
  annotate
  cancan
  compass
  devise!
  factory_girl_generator
  factory_girl_rails
  formtastic
  formtastic_datepicker_inputs!
  haml-rails
  hoptoad_notifier
  hpricot
  img_gravatar
  inherited_resources (~> 1.2.1)
  jquery-rails (>= 0.2.6)
  loop_dance
  nifty-generators
  oa-core
  paperclip
  pg
  rails (= 3.0.3)
  rails-settings-cached
  rcov
  responders
  rspec
  rspec-rails
  ruby-debug
  ruby_parser
  russian!
  shoulda
  simple_form
  state_machine
  stateful_link!
  steak
  vlad (>= 2.1.0)
  vlad-git
  vlad-nginx
  wirble
